GEM
  remote: https://rubygems.org/
  specs:
    actionmailer (4.2.9.rc2)
      actionpack (= 4.2.9.rc2)
      actionview (= 4.2.9.rc2)
      activejob (= 4.2.9.rc2)
      mail (~> 2.5, >= 2.5.4)
      rails-dom-testing (~> 1.0, >= 1.0.5)
    actionpack (4.2.9.rc2)
      actionview (= 4.2.9.rc2)
      activesupport (= 4.2.9.rc2)
      rack (~> 1.6)
      rack-test (~> 0.6.2)
      rails-dom-testing (~> 1.0, >= 1.0.5)
      rails-html-sanitizer (~> 1.0, >= 1.0.2)
    actionview (4.2.9.rc2)
      activesupport (= 4.2.9.rc2)
      builder (~> 3.1)
      erubis (~> 2.7.0)
      rails-dom-testing (~> 1.0, >= 1.0.5)
      rails-html-sanitizer (~> 1.0, >= 1.0.3)
    activejob (4.2.9.rc2)
      activesupport (= 4.2.9.rc2)
      globalid (>= 0.3.0)
    activemodel (4.2.9.rc2)
      activesupport (= 4.2.9.rc2)
      builder (~> 3.1)
    activerecord (4.2.9.rc2)
      activemodel (= 4.2.9.rc2)
      activesupport (= 4.2.9.rc2)
      arel (~> 6.0)
    activesupport (4.2.9.rc2)
      i18n (~> 0.7)
      minitest (~> 5.1)
      thread_safe (~> 0.3, >= 0.3.4)
      tzinfo (~> 1.1)
    airbrussh (1.3.0)
      sshkit (>= 1.6.1, != 1.7.0)
    arel (6.0.4)
    bower-rails (0.11.0)
    browser (2.4.0)
    builder (3.2.3)
    byebug (9.0.6)
    capistrano (3.8.2)
      airbrussh (>= 1.0.0)
      i18n
      rake (>= 10.0.0)
      sshkit (>= 1.9.0)
    capistrano-bundler (1.2.0)
      capistrano (~> 3.1)
      sshkit (~> 1.2)
    capistrano-passenger (0.2.0)
      capistrano (~> 3.0)
    capistrano-rails (1.3.0)
      capistrano (~> 3.1)
      capistrano-bundler (~> 1.1)
    capistrano-rbenv-support (1.0.0)
      capistrano (~> 3.0)
      capistrano-tweaks (~> 1.0)
    capistrano-tweaks (1.0.0)
      capistrano (~> 3.1)
    coderay (1.1.1)
    coffee-rails (4.2.2)
      coffee-script (>= 2.2.0)
      railties (>= 4.0.0)
    coffee-script (2.4.1)
      coffee-script-source
      execjs
    coffee-script-source (1.12.2)
    concurrent-ruby (1.0.5)
    erubis (2.7.0)
    execjs (2.7.0)
    faker (1.7.3)
      i18n (~> 0.5)
    fast_blank (1.0.0)
    ffi (1.9.18)
    globalid (0.4.0)
      activesupport (>= 4.2.0)
    i18n (0.8.4)
    loofah (2.0.3)
      nokogiri (>= 1.5.9)
    mail (2.6.6)
      mime-types (>= 1.16, < 4)
    memoist (0.16.0)
    method_source (0.8.2)
    mime-types (3.1)
      mime-types-data (~> 3.2015)
    mime-types-data (3.2016.0521)
    mini_portile2 (2.2.0)
    minitest (5.10.2)
    net-scp (1.2.1)
      net-ssh (>= 2.6.5)
    net-ssh (4.1.0)
    nokogiri (1.8.0)
      mini_portile2 (~> 2.2.0)
    pry (0.10.4)
      coderay (~> 1.1.0)
      method_source (~> 0.8.1)
      slop (~> 3.4)
    pry-byebug (3.4.2)
      byebug (~> 9.0)
      pry (~> 0.10)
    pug-rails (2.0.3)
      pug-ruby (~> 1.0)
    pug-ruby (1.0.2)
    rack (1.6.8)
    rack-test (0.6.3)
      rack (>= 1.0)
    rails (4.2.9.rc2)
      actionmailer (= 4.2.9.rc2)
      actionpack (= 4.2.9.rc2)
      actionview (= 4.2.9.rc2)
      activejob (= 4.2.9.rc2)
      activemodel (= 4.2.9.rc2)
      activerecord (= 4.2.9.rc2)
      activesupport (= 4.2.9.rc2)
      bundler (>= 1.3.0, < 2.0)
      railties (= 4.2.9.rc2)
      sprockets-rails
    rails-deprecated_sanitizer (1.0.3)
      activesupport (>= 4.2.0.alpha)
    rails-dom-testing (1.0.8)
      activesupport (>= 4.2.0.beta, < 5.0)
      nokogiri (~> 1.6)
      rails-deprecated_sanitizer (>= 1.0.1)
    rails-html-sanitizer (1.0.3)
      loofah (~> 2.0)
    railties (4.2.9.rc2)
      actionpack (= 4.2.9.rc2)
      activesupport (= 4.2.9.rc2)
      rake (>= 0.8.7)
      thor (>= 0.18.1, < 2.0)
    rake (12.0.0)
    sass (3.4.24)
    sassc (1.11.2)
      bundler
      ffi (~> 1.9.6)
      sass (>= 3.3.0)
    sassc-rails (1.3.0)
      railties (>= 4.0.0)
      sass
      sassc (~> 1.9)
      sprockets (> 2.11)
      sprockets-rails
      tilt
    slim (3.0.8)
      temple (>= 0.7.6, < 0.9)
      tilt (>= 1.3.3, < 2.1)
    slop (3.6.0)
    sprockets (3.7.1)
      concurrent-ruby (~> 1.0)
      rack (> 1, < 3)
    sprockets-rails (3.2.0)
      actionpack (>= 4.0)
      activesupport (>= 4.0)
      sprockets (>= 3.0.0)
    sshkit (1.13.1)
      net-scp (>= 1.1.2)
      net-ssh (>= 2.8.0)
    temple (0.8.0)
    thor (0.19.4)
    thread_safe (0.3.6)
    tilt (2.0.7)
    tzinfo (1.2.3)
      thread_safe (~> 0.1)
    uglifier (3.2.0)
      execjs (>= 0.3.0, < 3)

PLATFORMS
  ruby

DEPENDENCIES
  bower-rails (~> 0.11)
  browser (~> 2.0)
  capistrano (~> 3.6)
  capistrano-passenger (~> 0.2)
  capistrano-rails (~> 1.3)
  capistrano-rbenv-support (~> 1.0)
  coffee-rails (~> 4.1)
  faker
  fast_blank (>= 1.0.0)
  memoist (~> 0.15)
  pry-byebug
  pug-rails (~> 2.0)
  rails (= 4.2.9.rc2)
  sassc-rails (~> 1.3)
  slim (~> 3.0)
  sprockets-rails (~> 3.2)
  uglifier (~> 3.2)

BUNDLED WITH
   1.14.6
